GEM
  remote: http://rubygems.org/
  specs:
    ffi (1.0.11)
    guard (1.0.1)
      ffi (>= 0.5.0)
      thor (~> 0.14.6)
    guard-minitest (0.5.0)
      guard (>= 0.4)
    json (1.6.6)
    minitest (2.11.4)
    minitest-wscolor (0.0.3)
      minitest (>= 2.3.1)
    rack (1.4.1)
    rack-test (0.6.1)
      rack (>= 1.0)
    thor (0.14.6)

PLATFORMS
  ruby

DEPENDENCIES
  guard-minitest
  json
  minitest-wscolor
  rack-test
